GEM
  remote: https://rubygems.org/
  specs:
    clipboard (2.0.0)
    coderay (1.1.3)
    language_server-protocol (3.17.0.3)
    logger (1.6.1)
    method_source (1.1.0)
    minitest (5.25.2)
    prism (1.2.0)
    pry (0.15.0)
      coderay (~> 1.1)
      method_source (~> 1.0)
    rbs (3.6.1)
      logger
    ruby-lsp (0.22.1)
      language_server-protocol (~> 3.17.0)
      prism (>= 1.2, < 2.0)
      rbs (>= 3, < 4)
      sorbet-runtime (>= 0.5.10782)
    sorbet-runtime (0.5.11670)

PLATFORMS
  ruby
  x86_64-linux

DEPENDENCIES
  clipboard (~> 2.0)
  minitest (~> 5.25)
  pry (~> 0.15.0)
  ruby-lsp (~> 0.22.1)

RUBY VERSION
   ruby 3.3.3p89

BUNDLED WITH
   2.5.11
